NUGET
  remote: https://www.nuget.org/api/v2
    AWSSDK.Core (3.1.9.1)
      Microsoft.Net.Http (>= 2.2.29) - framework: portable-net45+win8+wp8+wpa81
      PCLCrypto (>= 1.0.2.15130) - framework: portable-net45+win8+wp8+wpa81
      PCLStorage (>= 1.0.2) - framework: portable-net45+win8+wp8+wpa81
    AWSSDK.DynamoDBv2 (3.1.5.2)
      AWSSDK.Core (>= 3.1.9 < 3.2)
    Castle.Core (3.3.3)
    Castle.Core-log4net (3.3.3)
      Castle.Core (>= 3.3.3)
      log4net (1.2.10)
    Castle.LoggingFacility (3.3)
      Castle.Core (>= 3.3)
      Castle.Windsor (>= 3.3)
    Castle.Windsor (3.3)
      Castle.Core (>= 3.3)
    Castle.Windsor-log4net (3.3)
      Castle.Core-log4net (>= 3.3)
      Castle.LoggingFacility (>= 3.3)
    FSharp.AWS.DynamoDB (0.4.1-beta)
      AWSSDK.DynamoDBv2 (>= 3.1.4)
      Unquote (>= 3.1.1)
    log4net (1.2.10)
    Microsoft.Bcl (1.1.10) - framework: portable-net45+win8+wp8+wpa81
      Microsoft.Bcl.Build (>= 1.0.14)
    Microsoft.Bcl.Async (1.0.168) - framework: portable-net45+win8+wp8+wpa81
      Microsoft.Bcl (>= 1.1.8)
    Microsoft.Bcl.Build (1.0.21) - import_targets: false, framework: portable-net45+win8+wp8+wpa81
    Microsoft.Net.Http (2.2.29) - framework: portable-net45+win8+wp8+wpa81
      Microsoft.Bcl (>= 1.1.10)
      Microsoft.Bcl.Build (>= 1.0.14)
    Microsoft.NETCore.Platforms (1.0.1) - framework: portable-net45+win8+wp8+wpa81
    Microsoft.NETCore.Targets (1.0.1) - framework: portable-net45+win8+wp8+wpa81
    NUnit (3.4.1)
    PCLCrypto (2.0.147) - framework: portable-net45+win8+wp8+wpa81
      PInvoke.NCrypt (>= 0.3.2) - framework: >= net45, dnxcore50, portable-dnxcore50+monoandroid10+monotouch10+unsupported+win+wpa81+xamarinios10
      Validation (>= 2.2.8)
    PCLStorage (1.0.2) - framework: portable-net45+win8+wp8+wpa81
      Microsoft.Bcl (>= 1.1.6) - framework: net10, net11, net20, net30, net35, net40, net40-full
      Microsoft.Bcl.Async (>= 1.0.165) - framework: net10, net11, net20, net30, net35, net40, net40-full
    PInvoke.BCrypt (0.3.2) - framework: portable-net45+win8+wp8+wpa81
      PInvoke.Kernel32 (>= 0.3.2) - framework: >= net40, portable-net40+win8+wpa81, portable-net45+win8+wpa81
      PInvoke.Windows.Core (>= 0.3.2) - framework: >= net40, portable-net40+win8+wpa81, portable-net45+win8+wpa81
    PInvoke.Kernel32 (0.3.2) - framework: portable-net45+win8+wp8+wpa81
      PInvoke.Windows.Core (>= 0.3.2) - framework: >= net40, portable-net40+win8+wpa81, portable-net45+win8+wpa81
    PInvoke.NCrypt (0.3.2) - framework: portable-net45+win8+wp8+wpa81
      PInvoke.BCrypt (>= 0.3.2) - framework: >= net40, portable-net40+win8+wpa81, portable-net45+win8+wpa81
      PInvoke.Windows.Core (>= 0.3.2) - framework: >= net40, portable-net40+win8+wpa81, portable-net45+win8+wpa81
    PInvoke.Windows.Core (0.3.2) - framework: portable-net45+win8+wp8+wpa81
    System.Collections (4.0.11) - framework: portable-net45+win8+wp8+wpa81
      Microsoft.NETCore.Platforms (>= 1.0.1) - framework: dnxcore50, netstandard10, >= netstandard13
      Microsoft.NETCore.Targets (>= 1.0.1) - framework: dnxcore50, netstandard10, >= netstandard13
      System.Runtime (>= 4.1) - framework: dnxcore50, netstandard10, >= netstandard13
    System.Diagnostics.Debug (4.0.11) - framework: portable-net45+win8+wp8+wpa81
      Microsoft.NETCore.Platforms (>= 1.0.1) - framework: dnxcore50, netstandard10, >= netstandard13
      Microsoft.NETCore.Targets (>= 1.0.1) - framework: dnxcore50, netstandard10, >= netstandard13
      System.Runtime (>= 4.1) - framework: dnxcore50, netstandard10, >= netstandard13
    System.Diagnostics.Tools (4.0.1) - framework: portable-net45+win8+wp8+wpa81
      Microsoft.NETCore.Platforms (>= 1.0.1) - framework: dnxcore50, >= netstandard10
      Microsoft.NETCore.Targets (>= 1.0.1) - framework: dnxcore50, >= netstandard10
      System.Runtime (>= 4.1) - framework: dnxcore50, >= netstandard10
    System.Globalization (4.0.11) - framework: portable-net45+win8+wp8+wpa81
      Microsoft.NETCore.Platforms (>= 1.0.1) - framework: dnxcore50, netstandard10, >= netstandard13
      Microsoft.NETCore.Targets (>= 1.0.1) - framework: dnxcore50, netstandard10, >= netstandard13
      System.Runtime (>= 4.1) - framework: dnxcore50, netstandard10, >= netstandard13
    System.IO (4.1) - framework: portable-net45+win8+wp8+wpa81
      Microsoft.NETCore.Platforms (>= 1.0.1) - framework: dnxcore50, netstandard10, netstandard13, >= netstandard15
      Microsoft.NETCore.Targets (>= 1.0.1) - framework: dnxcore50, netstandard10, netstandard13, >= netstandard15
      System.Runtime (>= 4.1) - framework: dnxcore50, netstandard10, netstandard13, >= netstandard15
      System.Text.Encoding (>= 4.0.11) - framework: dnxcore50, netstandard10, netstandard13, >= netstandard15
      System.Threading.Tasks (>= 4.0.11) - framework: dnxcore50, netstandard10, netstandard13, >= netstandard15
    System.Linq (4.1) - framework: portable-net45+win8+wp8+wpa81
      System.Collections (>= 4.0.11) - framework: dnxcore50, netstandard10, >= netstandard16
      System.Diagnostics.Debug (>= 4.0.11) - framework: dnxcore50, >= netstandard16
      System.Resources.ResourceManager (>= 4.0.1) - framework: dnxcore50, >= netstandard16
      System.Runtime (>= 4.1) - framework: dnxcore50, netstandard10, >= netstandard16
      System.Runtime.Extensions (>= 4.1) - framework: dnxcore50, >= netstandard16
    System.Reflection (4.1) - framework: portable-net45+win8+wp8+wpa81
      Microsoft.NETCore.Platforms (>= 1.0.1) - framework: dnxcore50, netstandard10, netstandard13, >= netstandard15
      Microsoft.NETCore.Targets (>= 1.0.1) - framework: dnxcore50, netstandard10, netstandard13, >= netstandard15
      System.IO (>= 4.1) - framework: dnxcore50, netstandard10, netstandard13, >= netstandard15
      System.Reflection.Primitives (>= 4.0.1) - framework: dnxcore50, netstandard10, netstandard13, >= netstandard15
      System.Runtime (>= 4.1) - framework: dnxcore50, netstandard10, netstandard13, >= netstandard15
    System.Reflection.Primitives (4.0.1) - framework: portable-net45+win8+wp8+wpa81
      Microsoft.NETCore.Platforms (>= 1.0.1) - framework: dnxcore50, >= netstandard10
      Microsoft.NETCore.Targets (>= 1.0.1) - framework: dnxcore50, >= netstandard10
      System.Runtime (>= 4.1) - framework: dnxcore50, >= netstandard10
    System.Resources.ResourceManager (4.0.1) - framework: portable-net45+win8+wp8+wpa81
      Microsoft.NETCore.Platforms (>= 1.0.1) - framework: dnxcore50, >= netstandard10
      Microsoft.NETCore.Targets (>= 1.0.1) - framework: dnxcore50, >= netstandard10
      System.Globalization (>= 4.0.11) - framework: dnxcore50, >= netstandard10
      System.Reflection (>= 4.1) - framework: dnxcore50, >= netstandard10
      System.Runtime (>= 4.1) - framework: dnxcore50, >= netstandard10
    System.Runtime (4.1) - framework: portable-net45+win8+wp8+wpa81
      Microsoft.NETCore.Platforms (>= 1.0.1) - framework: dnxcore50, netstandard10, netstandard12, netstandard13, >= netstandard15
      Microsoft.NETCore.Targets (>= 1.0.1) - framework: dnxcore50, netstandard10, netstandard12, netstandard13, >= netstandard15
    System.Runtime.Extensions (4.1) - framework: portable-net45+win8+wp8+wpa81
      Microsoft.NETCore.Platforms (>= 1.0.1) - framework: dnxcore50, netstandard10, netstandard13, >= netstandard15
      Microsoft.NETCore.Targets (>= 1.0.1) - framework: dnxcore50, netstandard10, netstandard13, >= netstandard15
      System.Runtime (>= 4.1) - framework: dnxcore50, netstandard10, netstandard13, >= netstandard15
    System.Text.Encoding (4.0.11) - framework: portable-net45+win8+wp8+wpa81
      Microsoft.NETCore.Platforms (>= 1.0.1) - framework: dnxcore50, netstandard10, >= netstandard13
      Microsoft.NETCore.Targets (>= 1.0.1) - framework: dnxcore50, netstandard10, >= netstandard13
      System.Runtime (>= 4.1) - framework: dnxcore50, netstandard10, >= netstandard13
    System.Threading.Tasks (4.0.11) - framework: portable-net45+win8+wp8+wpa81
      Microsoft.NETCore.Platforms (>= 1.0.1) - framework: dnxcore50, netstandard10, >= netstandard13
      Microsoft.NETCore.Targets (>= 1.0.1) - framework: dnxcore50, netstandard10, >= netstandard13
      System.Runtime (>= 4.1) - framework: dnxcore50, netstandard10, >= netstandard13
    Unquote (3.1.1)
    Validation (2.2.8) - framework: portable-net45+win8+wp8+wpa81
      System.Diagnostics.Debug (>= 4.0) - framework: dnxcore50
      System.Diagnostics.Tools (>= 4.0) - framework: dnxcore50
      System.Globalization (>= 4.0) - framework: dnxcore50
      System.Linq (>= 4.0) - framework: dnxcore50
      System.Reflection (>= 4.0) - framework: dnxcore50
      System.Resources.ResourceManager (>= 4.0) - framework: dnxcore50
      System.Runtime (>= 4.0) - framework: dnxcore50
      System.Threading.Tasks (>= 4.0) - framework: dnxcore50
GITHUB
  remote: forki/FsUnit
    FsUnit.fs (f536bd5ed0eba8b38d2b01ae79d64e4e14fbd0a6)